PATH
  remote: .
  specs:
    tcelfer (1.0.6)
      anyway_config (>= 1.4, < 3.0)
      paint (~> 2.2)
      sequel (~> 5.33)
      sqlite3 (~> 1.4)
      terminal-table (~> 1.8)
      thor (~> 0.20)
      tty-prompt (~> 0.19)

GEM
  remote: https://rubygems.org/
  specs:
    anyway_config (2.0.5)
      ruby-next-core (>= 0.8.0)
    ast (2.4.0)
    coderay (1.1.3)
    diff-lcs (1.3)
    dotenv (2.7.5)
    equatable (0.6.1)
    method_source (1.0.0)
    necromancer (0.5.1)
    paint (2.2.0)
    parallel (1.19.1)
    parser (2.7.1.3)
      ast (~> 2.4.0)
    pastel (0.7.4)
      equatable (~> 0.6)
      tty-color (~> 0.5)
    pry (0.13.1)
      coderay (~> 1.1)
      method_source (~> 1.0)
    rainbow (3.0.0)
    rake (13.0.1)
    regexp_parser (1.7.0)
    rexml (3.2.4)
    rspec (3.9.0)
      rspec-core (~> 3.9.0)
      rspec-expectations (~> 3.9.0)
      rspec-mocks (~> 3.9.0)
    rspec-core (3.9.2)
      rspec-support (~> 3.9.3)
    rspec-expectations (3.9.2)
      diff-lcs (>= 1.2.0, < 2.0)
      rspec-support (~> 3.9.0)
    rspec-mocks (3.9.1)
      diff-lcs (>= 1.2.0, < 2.0)
      rspec-support (~> 3.9.0)
    rspec-support (3.9.3)
    rubocop (0.85.0)
      parallel (~> 1.10)
      parser (>= 2.7.0.1)
      rainbow (>= 2.2.2, < 4.0)
      regexp_parser (>= 1.7)
      rexml
      rubocop-ast (>= 0.0.3)
      ruby-progressbar (~> 1.7)
      unicode-display_width (>= 1.4.0, < 2.0)
    rubocop-ast (0.0.3)
      parser (>= 2.7.0.1)
    rubocop-performance (1.6.0)
      rubocop (>= 0.71.0)
    ruby-next-core (0.9.0)
    ruby-progressbar (1.10.1)
    sequel (5.33.0)
    sqlite3 (1.4.2)
    terminal-table (1.8.0)
      unicode-display_width (~> 1.1, >= 1.1.1)
    thor (0.20.3)
    tty-color (0.5.1)
    tty-cursor (0.7.1)
    tty-prompt (0.21.0)
      necromancer (~> 0.5.0)
      pastel (~> 0.7.0)
      tty-reader (~> 0.7.0)
    tty-reader (0.7.0)
      tty-cursor (~> 0.7)
      tty-screen (~> 0.7)
      wisper (~> 2.0.0)
    tty-screen (0.8.0)
    unicode-display_width (1.7.0)
    wisper (2.0.1)

PLATFORMS
  ruby

DEPENDENCIES
  bundler (~> 2.0)
  dotenv (~> 2.7)
  pry (~> 0.13)
  rake (~> 13.0)
  rspec (~> 3.9)
  rubocop (~> 0.85)
  rubocop-performance (~> 1.6)
  tcelfer!

BUNDLED WITH
   2.1.4
